PATH
  remote: .
  specs:
    bosh-deployer (0.0.2)
      redcard
      thor (~> 0.18)

GEM
  remote: https://rubygems.org/
  specs:
    cancun (0.2.1)
      highline
      highline-color
      sourcify
    diff-lcs (1.2.5)
    file-tail (1.0.12)
      tins (~> 0.5)
    highline (1.6.21)
    highline-color (0.0.2)
    rake (10.3.2)
    redcard (1.1.0)
    rspec (3.0.0)
      rspec-core (~> 3.0.0)
      rspec-expectations (~> 3.0.0)
      rspec-mocks (~> 3.0.0)
    rspec-core (3.0.4)
      rspec-support (~> 3.0.0)
    rspec-expectations (3.0.4)
      diff-lcs (>= 1.2.0, < 2.0)
      rspec-support (~> 3.0.0)
    rspec-mocks (3.0.4)
      rspec-support (~> 3.0.0)
    rspec-support (3.0.4)
    ruby2ruby (2.1.2)
      ruby_parser (~> 3.1)
      sexp_processor (~> 4.0)
    ruby_parser (3.6.2)
      sexp_processor (~> 4.1)
    sexp_processor (4.4.4)
    sourcify (0.5.0)
      file-tail (>= 1.0.5)
      ruby2ruby (>= 1.2.5)
      ruby_parser (>= 2.0.5)
      sexp_processor (>= 3.0.5)
    thor (0.19.1)
    tins (0.13.2)

PLATFORMS
  ruby

DEPENDENCIES
  bosh-deployer!
  cancun
  rake
  rspec
